PATH
  remote: .
  specs:
    kmts (3.1.0)

GEM
  remote: https://rubygems.org/
  specs:
    diff-lcs (1.5.0)
    json (2.6.1)
    rake (13.0.6)
    rspec (3.11.0)
      rspec-core (~> 3.11.0)
      rspec-expectations (~> 3.11.0)
      rspec-mocks (~> 3.11.0)
    rspec-core (3.11.0)
      rspec-support (~> 3.11.0)
    rspec-expectations (3.11.0)
      diff-lcs (>= 1.2.0, < 2.0)
      rspec-support (~> 3.11.0)
    rspec-mocks (3.11.0)
      diff-lcs (>= 1.2.0, < 2.0)
      rspec-support (~> 3.11.0)
    rspec-support (3.11.0)

PLATFORMS
  ruby

DEPENDENCIES
  bundler (~> 2)
  json (~> 2.6)
  kmts!
  rake (~> 13)
  rspec (~> 3)
